PATH
  remote: .
  specs:
    vcl (0.2.0)
      bundler (~> 1.10)
      diffy (~> 3.0, >= 3.0.7)
      launchy (~> 2.4.3, >= 2.4.3)
      thor (~> 0.19.1)
      typhoeus (~> 0.7.1)

GEM
  remote: https://rubygems.org/
  specs:
    addressable (2.4.0)
    diffy (3.0.7)
    ethon (0.8.0)
      ffi (>= 1.3.0)
    ffi (1.9.10)
    launchy (2.4.3)
      addressable (~> 2.3)
    thor (0.19.1)
    typhoeus (0.7.3)
      ethon (>= 0.7.4)

PLATFORMS
  ruby

DEPENDENCIES
  vcl!

BUNDLED WITH
   1.11.0
