PATH
  remote: .
  specs:
    vcl (0.1.9)
      bundler (~> 1.10)
      diffy (~> 3.0.7)
      thor (~> 0.19.1)
      typhoeus (~> 0.7.1)

GEM
  remote: https://rubygems.org/
  specs:
    diffy (3.0.7)
    ethon (0.8.0)
      ffi (>= 1.3.0)
    ffi (1.9.10)
    thor (0.19.1)
    typhoeus (0.7.3)
      ethon (>= 0.7.4)

PLATFORMS
  ruby

DEPENDENCIES
  vcl!

BUNDLED WITH
   1.11.0
