PATH
  remote: .
  specs:
    vcl (1.1.5)
      bundler (~> 1.10)
      diffy (~> 3.0, >= 3.0.7)
      launchy (~> 2.4.3, >= 2.4.3)
      thor (~> 0.19.4)
      typhoeus (~> 1.1.0)

GEM
  remote: https://rubygems.org/
  specs:
    addressable (2.5.1)
      public_suffix (~> 2.0, >= 2.0.2)
    diffy (3.0.7)
    ethon (0.9.1)
      ffi (>= 1.3.0)
    ffi (1.9.10)
    launchy (2.4.3)
      addressable (~> 2.3)
    public_suffix (2.0.5)
    thor (0.19.4)
    typhoeus (1.1.0)
      ethon (>= 0.9.0)

PLATFORMS
  ruby

DEPENDENCIES
  vcl!

BUNDLED WITH
   1.11.0
